GEM
  remote: https://rubygems.org/
  specs:
    activesupport (5.0.0)
      concurrent-ruby (~> 1.0, >= 1.0.2)
      i18n (~> 0.7)
      minitest (~> 5.1)
      tzinfo (~> 1.1)
    addressable (2.4.0)
    concurrent-ruby (1.0.2)
    crack (0.4.3)
      safe_yaml (~> 1.0.0)
    domain_name (0.5.20160615)
      unf (>= 0.0.5, < 1.0.0)
    dust (0.1.6)
    faraday (0.9.2)
      multipart-post (>= 1.2, < 3)
    faraday_middleware (0.10.0)
      faraday (>= 0.7.4, < 0.10)
    git (1.3.0)
    gli (2.14.0)
    hashdiff (0.3.0)
    hashie (3.4.4)
    hoe (3.15.1)
      rake (>= 0.8, < 12.0)
    http (2.0.3)
      addressable (~> 2.3)
      http-cookie (~> 1.0)
      http-form_data (~> 1.0.1)
      http_parser.rb (~> 0.6.0)
    http-cookie (1.0.2)
      domain_name (~> 0.5)
    http-form_data (1.0.1)
    http_parser.rb (0.6.0)
    i18n (0.7.0)
    json (2.0.2)
    kgio (2.10.0)
    log4r (1.1.10)
    minitest (5.9.0)
    multipart-post (2.0.0)
    netrc (0.10.3)
    octokit (4.3.0)
      sawyer (~> 0.7.0, >= 0.5.3)
    rack (1.6.4)
    rack-protection (1.5.3)
      rack
    rack-test (0.6.3)
      rack (>= 1.0)
    raindrops (0.17.0)
    rake (10.5.0)
    safe_yaml (1.0.4)
    sawyer (0.7.0)
      addressable (>= 2.3.5, < 2.5)
      faraday (~> 0.8, < 0.10)
    sinatra (1.4.7)
      rack (~> 1.5)
      rack-protection (~> 1.4)
      tilt (>= 1.3, < 3)
    slack-ruby-client (0.7.5)
      activesupport
      faraday
      faraday_middleware
      gli
      hashie
      json
      websocket-driver
    test-unit (1.2.3)
      hoe (>= 1.5.1)
    thread_safe (0.3.5)
    tilt (2.0.1)
    tzinfo (1.2.2)
      thread_safe (~> 0.1)
    unf (0.1.4)
      unf_ext
    unf_ext (0.0.7.2)
    unicorn (5.1.0)
      kgio (~> 2.6)
      raindrops (~> 0.7)
    vcr (3.0.3)
    webmock (1.24.6)
      addressable (>= 2.3.6)
      crack (>= 0.3.2)
      hashdiff
    websocket-driver (0.6.4)
      websocket-extensions (>= 0.1.0)
    websocket-extensions (0.1.2)

PLATFORMS
  ruby

DEPENDENCIES
  dust
  git
  http
  log4r
  netrc
  octokit
  rack (~> 1.5)
  rack-test
  rake
  sinatra (~> 1.4.7)
  slack-ruby-client
  test-unit
  unicorn
  vcr
  webmock

BUNDLED WITH
   1.12.5
